GIT
  remote: git://github.com/middleman/middleman-sprockets.git
  revision: ad57136ee05f135d830e643e32e066804c93804c
  branch: master
  specs:
    middleman-sprockets (4.0.0.rc.1)
      middleman-core (~> 4.0)
      sprockets (>= 3.0)

GEM
  remote: http://rubygems.org/
  specs:
    activesupport (4.2.6)
      i18n (~> 0.7)
      json (~> 1.7, >= 1.7.7)
      minitest (~> 5.1)
      thread_safe (~> 0.3, >= 0.3.4)
      tzinfo (~> 1.1)
    addressable (2.3.8)
    backports (3.6.8)
    capybara (2.5.0)
      mime-types (>= 1.16)
      nokogiri (>= 1.3.3)
      rack (>= 1.0.0)
      rack-test (>= 0.5.4)
      xpath (~> 2.0)
    coffee-script (2.4.1)
      coffee-script-source
      execjs
    coffee-script-source (1.10.0)
    compass-import-once (1.0.5)
      sass (>= 3.2, < 3.5)
    concurrent-ruby (1.0.1)
    contracts (0.13.0)
    em-websocket (0.5.1)
      eventmachine (>= 0.12.9)
      http_parser.rb (~> 0.6.0)
    erubis (2.7.0)
    eventmachine (1.2.0.1)
    execjs (2.6.0)
    exifr (1.2.4)
    fast_blank (1.0.0)
    fastimage (1.9.0)
      addressable (~> 2.3.5)
    ffi (1.9.10)
    fspath (2.1.1)
    haml (4.0.7)
      tilt
    hamster (3.0.0)
      concurrent-ruby (~> 1.0)
    hashie (3.4.3)
    http_parser.rb (0.6.0)
    i18n (0.7.0)
    image_optim (0.20.2)
      exifr (~> 1.1, >= 1.1.3)
      fspath (~> 2.1)
      image_size (~> 1.3)
      in_threads (~> 1.3)
      progress (~> 3.0, >= 3.0.1)
    image_optim_pack (0.2.1.20160221)
      fspath (~> 2.1)
      image_optim (~> 0.19)
    image_size (1.4.2)
    in_threads (1.3.1)
    json (1.8.3)
    kramdown (1.10.0)
    libv8 (3.16.14.13)
    listen (3.0.6)
      rb-fsevent (>= 0.9.3)
      rb-inotify (>= 0.9.7)
    middleman (4.1.4)
      coffee-script (~> 2.2)
      compass-import-once (= 1.0.5)
      haml (>= 4.0.5)
      kramdown (~> 1.2)
      middleman-cli (= 4.1.4)
      middleman-core (= 4.1.4)
      sass (>= 3.4.0, < 4.0)
    middleman-cli (4.1.4)
      thor (>= 0.17.0, < 2.0)
    middleman-core (4.1.4)
      activesupport (~> 4.2)
      addressable (~> 2.3)
      backports (~> 3.6)
      bundler (~> 1.1)
      capybara (~> 2.5.0)
      contracts (~> 0.13.0)
      erubis
      execjs (~> 2.0)
      fast_blank
      fastimage (~> 1.7)
      hamster (~> 3.0)
      hashie (~> 3.4)
      i18n (~> 0.7.0)
      listen (~> 3.0)
      padrino-helpers (~> 0.13.0)
      parallel
      rack (>= 1.4.5, < 2.0)
      sass (>= 3.4)
      tilt (~> 1.4.1)
      uglifier (~> 2.6)
    middleman-imageoptim (0.2.1)
      image_optim (~> 0.20.2)
      image_optim_pack (~> 0.2.1)
      middleman-core (>= 3.1)
    middleman-livereload (3.4.6)
      em-websocket (~> 0.5.1)
      middleman-core (>= 3.3)
      rack-livereload (~> 0.3.15)
    mime-types (3.0)
      mime-types-data (~> 3.2015)
    mime-types-data (3.2016.0221)
    mini_portile2 (2.0.0)
    minitest (5.8.4)
    nokogiri (1.6.7.2)
      mini_portile2 (~> 2.0.0.rc2)
    oj (2.14.6)
    padrino-helpers (0.13.1)
      i18n (~> 0.6, >= 0.6.7)
      padrino-support (= 0.13.1)
      tilt (~> 1.4.1)
    padrino-support (0.13.1)
      activesupport (>= 3.1)
    parallel (1.6.2)
    progress (3.1.1)
    rack (1.6.4)
    rack-livereload (0.3.16)
      rack
    rack-test (0.6.3)
      rack (>= 1.0)
    rb-fsevent (0.9.7)
    rb-inotify (0.9.7)
      ffi (>= 0.5.0)
    ref (2.0.0)
    sass (3.4.21)
    sprockets (3.5.2)
      concurrent-ruby (~> 1.0)
      rack (> 1, < 3)
    therubyracer (0.12.2)
      libv8 (~> 3.16.14.0)
      ref
    thor (0.19.1)
    thread_safe (0.3.5)
    tilt (1.4.1)
    tzinfo (1.2.2)
      thread_safe (~> 0.1)
    uglifier (2.7.2)
      execjs (>= 0.3.0)
      json (>= 1.8.0)
    xpath (2.0.0)
      nokogiri (~> 1.3)

PLATFORMS
  ruby

DEPENDENCIES
  middleman
  middleman-imageoptim
  middleman-livereload
  middleman-sprockets!
  oj
  therubyracer

BUNDLED WITH
   1.11.2
